PATH
  remote: .
  specs:
    redis-instrumentation-dox-fork (0.1.2.doximity1)
      opentracing (>= 0.3.1)

GEM
  remote: https://rubygems.org/
  specs:
    appraisal (2.2.0)
      bundler
      rake
      thor (>= 0.14.0)
    diff-lcs (1.3)
    opentracing (0.5.0)
    opentracing_test_tracer (0.1.1)
      opentracing
    rake (10.5.0)
    redis (4.1.3)
    rspec (3.9.0)
      rspec-core (~> 3.9.0)
      rspec-expectations (~> 3.9.0)
      rspec-mocks (~> 3.9.0)
    rspec-core (3.9.1)
      rspec-support (~> 3.9.1)
    rspec-expectations (3.9.0)
      diff-lcs (>= 1.2.0, < 2.0)
      rspec-support (~> 3.9.0)
    rspec-mocks (3.9.1)
      diff-lcs (>= 1.2.0, < 2.0)
      rspec-support (~> 3.9.0)
    rspec-support (3.9.2)
    thor (1.0.1)

PLATFORMS
  ruby

DEPENDENCIES
  appraisal (~> 2.2)
  bundler (~> 2.1.4)
  opentracing_test_tracer (~> 0.1)
  rake (~> 10.0)
  redis (~> 4.1.0)
  redis-instrumentation-dox-fork!
  rspec (~> 3.0)

BUNDLED WITH
   2.1.4
